GEM
  remote: https://rubygems.org/
  specs:
    activesupport (5.1.2)
      concurrent-ruby (~> 1.0, >= 1.0.2)
      i18n (~> 0.7)
      minitest (~> 5.1)
      tzinfo (~> 1.1)
    addressable (2.5.1)
      public_suffix (~> 2.0, >= 2.0.2)
    alexa_skills_ruby (1.1.0)
      activesupport (>= 4.2)
      addressable (~> 2.5)
      multi_json (~> 1.0)
    concurrent-ruby (1.0.5)
    i18n (0.8.6)
    minitest (5.10.3)
    multi_json (1.12.1)
    mustermann (1.0.0)
    public_suffix (2.0.5)
    rack (2.0.3)
    rack-protection (2.0.0)
      rack
    sinatra (2.0.0)
      mustermann (~> 1.0)
      rack (~> 2.0)
      rack-protection (= 2.0.0)
      tilt (~> 2.0)
    thread_safe (0.3.6)
    tilt (2.0.8)
    tzinfo (1.2.3)
      thread_safe (~> 0.1)

PLATFORMS
  ruby

DEPENDENCIES
  alexa_skills_ruby
  sinatra

RUBY VERSION
   ruby 2.4.0p0

BUNDLED WITH
   1.15.1
